PATH
  remote: .
  specs:
    casa-payload (0.0.01)
      json-schema
      json-schema
      multi_json

GEM
  remote: https://rubygems.org/
  specs:
    hashdiff (0.1.1)
    json-schema (2.1.3)
    multi_json (1.8.2)
    rake (10.1.0)

PLATFORMS
  ruby

DEPENDENCIES
  casa-payload!
  hashdiff
  rake
